GEM
  remote: http://rubygems.org/
  specs:
    activesupport (2.3.11)
    mocha (0.9.9)
      rake
    rack (1.2.1)
    rake (0.8.7)
    rspec (1.3.1)
    rspec-rails (1.3.3)
      rack (>= 1.0.0)
      rspec (= 1.3.1)

PLATFORMS
  ruby

DEPENDENCIES
  activesupport (~> 2.3.8)
  mocha
  rspec-rails (~> 1.3.2)
